PATH
  remote: .
  specs:
    metamri (0.2.7)
      activeresource (~> 3.0)
      dicom (~> 0.8.0)
      hirb (~> 0.4)
      metamri
      rmagick (~> 2.13.1)
      sqlite3 (~> 1.3.3)

GEM
  remote: http://rubygems.org/
  specs:
    activemodel (3.0.9)
      activesupport (= 3.0.9)
      builder (~> 2.1.2)
      i18n (~> 0.5.0)
    activeresource (3.0.9)
      activemodel (= 3.0.9)
      activesupport (= 3.0.9)
    activesupport (3.0.9)
    builder (2.1.2)
    bzip2-ruby (0.2.7)
    dicom (0.8)
    diff-lcs (1.1.2)
    escoffier (0.1.3)
      bzip2-ruby
      snmp
      term-ansicolor
    hirb (0.4.5)
    i18n (0.5.0)
    rmagick (2.13.1)
    rspec (2.6.0)
      rspec-core (~> 2.6.0)
      rspec-expectations (~> 2.6.0)
      rspec-mocks (~> 2.6.0)
    rspec-core (2.6.4)
    rspec-expectations (2.6.0)
      diff-lcs (~> 1.1.2)
    rspec-mocks (2.6.0)
    snmp (1.0.3)
    sqlite3 (1.3.4)
    term-ansicolor (1.0.5)

PLATFORMS
  ruby

DEPENDENCIES
  escoffier
  metamri!
  rspec (~> 2.5)
