PATH
  remote: .
  specs:
    metamri (0.2.5)
      activeresource (~> 3.0)
      dicom (~> 0.8)
      metamri
      sqlite3 (~> 1.3.3)

GEM
  remote: http://rubygems.org/
  specs:
    activemodel (3.0.9)
      activesupport (= 3.0.9)
      builder (~> 2.1.2)
      i18n (~> 0.5.0)
    activeresource (3.0.9)
      activemodel (= 3.0.9)
      activesupport (= 3.0.9)
    activesupport (3.0.9)
    builder (2.1.2)
    dicom (0.9.1)
    diff-lcs (1.1.2)
    hirb (0.4.5)
    i18n (0.5.0)
    rspec (2.6.0)
      rspec-core (~> 2.6.0)
      rspec-expectations (~> 2.6.0)
      rspec-mocks (~> 2.6.0)
    rspec-core (2.6.4)
    rspec-expectations (2.6.0)
      diff-lcs (~> 1.1.2)
    rspec-mocks (2.6.0)
    sqlite3 (1.3.3)

PLATFORMS
  ruby

DEPENDENCIES
  activeresource (~> 3.0)
  hirb (~> 0.4)
  metamri!
  rspec (~> 2.5)
